GEM
  remote: http://rubygems.org/
  specs:
    diff-lcs (1.1.3)
    polyglot (0.3.5)
    rspec (2.12.0)
      rspec-core (~> 2.12.0)
      rspec-expectations (~> 2.12.0)
      rspec-mocks (~> 2.12.0)
    rspec-core (2.12.2)
    rspec-expectations (2.12.1)
      diff-lcs (~> 1.1.3)
    rspec-mocks (2.12.2)
    treetop (1.6.2)
      polyglot (~> 0.3)

PLATFORMS
  ruby

DEPENDENCIES
  rspec (= 2.12.0)
  treetop (= 1.6.2)